GEM
  remote: http://rubygems.org/
  specs:
    addressable (2.5.1)
      public_suffix (~> 2.0, >= 2.0.2)
    cookiejar (0.3.0)
    em-http-request (1.1.2)
      addressable (>= 2.3.4)
      cookiejar
      em-socksify (>= 0.3)
      eventmachine (>= 1.0.3)
      http_parser.rb (>= 0.6.0)
    em-socksify (0.3.0)
      eventmachine (>= 1.0.0.beta.4)
    eventmachine (1.0.4)
    http_parser.rb (0.6.0)
    public_suffix (2.0.5)

PLATFORMS
  ruby

DEPENDENCIES
  em-http-request (= 1.1.2)
  eventmachine (= 1.0.4)

BUNDLED WITH
   1.15.4
